PATH
  remote: .
  specs:
    eos-rpc (0.1.0)
      httparty (~> 0.15)

GEM
  remote: https://rubygems.org/
  specs:
    httparty (0.15.6)
      multi_xml (>= 0.5.2)
    minispec-metadata (2.0.0)
      minitest
    minitest (4.7.5)
    minitest-vcr (1.4.0)
      minispec-metadata (~> 2.0)
      minitest (>= 4.7.5)
      vcr (>= 2.9)
    multi_xml (0.6.0)
    rake (10.5.0)
    vcr (4.0.0)

PLATFORMS
  ruby

DEPENDENCIES
  bundler (~> 1.16)
  eos-rpc!
  httparty
  minitest
  minitest-vcr
  rake

BUNDLED WITH
   1.16.0
