PATH
  remote: .
  specs:
    eos-rpc (0.1.0)
      httparty (~> 0.15)

GEM
  remote: https://rubygems.org/
  specs:
    httparty (0.15.6)
      multi_xml (>= 0.5.2)
    minitest (4.7.5)
    multi_xml (0.6.0)
    power_assert (1.1.1)
    rake (10.5.0)
    test-unit (3.2.7)
      power_assert
    vcr (4.0.0)

PLATFORMS
  ruby

DEPENDENCIES
  bundler (~> 1.16)
  eos-rpc!
  httparty
  minitest
  rake
  test-unit
  vcr

BUNDLED WITH
   1.16.0
